PATH
  remote: .
  specs:
    weighted_rand (0.1.0)

GEM
  remote: https://rubygems.org/
  specs:
    minitest (5.17.0)
    rake (13.0.6)

PLATFORMS
  x86_64-darwin-20

DEPENDENCIES
  minitest (~> 5.0)
  rake (~> 13.0)
  weighted_rand!

BUNDLED WITH
   2.3.7
